GEM
  remote: https://rubygems.org/
  specs:
    addressable (2.8.6)
      public_suffix (>= 2.0.2, < 6.0)
    concurrent-ruby (1.2.3)
    ferrum (0.15)
      addressable (~> 2.5)
      concurrent-ruby (~> 1.1)
      webrick (~> 1.7)
      websocket-driver (~> 0.7)
    public_suffix (5.0.5)
    webrick (1.8.1)
    websocket-driver (0.7.6)
      websocket-extensions (>= 0.1.0)
    websocket-extensions (0.1.5)

PLATFORMS
  arm64-darwin-23
  ruby

DEPENDENCIES
  ferrum

RUBY VERSION
   ruby 3.3.1p55

BUNDLED WITH
   2.5.9
